GEM
  remote: https://rubygems.org/
  specs:
    httparty (0.13.1)
      json (~> 1.8)
      multi_xml (>= 0.5.2)
    json (1.8.1)
    multi_xml (0.5.5)
    openstack-swift (0.2.1)
      httparty

PLATFORMS
  ruby

DEPENDENCIES
  openstack-swift
